PATH
  remote: .
  specs:
    got (0.1.0)

GEM
  remote: https://rubygems.org/
  specs:
    coderay (1.1.2)
    gem-release (2.0.1)
    httparty (0.21.0)
      mini_mime (>= 1.0.0)
      multi_xml (>= 0.5.2)
    method_source (0.9.2)
    mini_mime (1.1.2)
    mini_portile2 (2.4.0)
    multi_xml (0.6.0)
    nokogiri (1.9.1)
      mini_portile2 (~> 2.4.0)
    pry (0.12.2)
      coderay (~> 1.1.0)
      method_source (~> 0.9.0)
    rake (13.0.1)

PLATFORMS
  ruby

DEPENDENCIES
  bundler (~> 1.17)
  gem-release
  got!
  httparty
  nokogiri
  pry
  rake (~> 13.0)

BUNDLED WITH
   1.17.2
